GEM
  remote: http://rubygems.org/
  specs:
    activemodel (3.2.11)
      activesupport (= 3.2.11)
      builder (~> 3.0.0)
    activerecord (3.2.11)
      activemodel (= 3.2.11)
      activesupport (= 3.2.11)
      arel (~> 3.0.2)
      tzinfo (~> 0.3.29)
    activerecord-jdbc-adapter (1.2.5)
    activerecord-jdbcpostgresql-adapter (1.2.5)
      activerecord-jdbc-adapter (~> 1.2.5)
      jdbc-postgres (>= 9.1, < 9.3)
    activesupport (3.2.11)
      i18n (~> 0.6)
      multi_json (~> 1.0)
    arel (3.0.2)
    builder (3.0.4)
    celluloid (0.12.4)
      facter (>= 1.6.12)
      timers (>= 1.0.0)
    celluloid-io (0.12.1)
      celluloid (~> 0.12.0)
      nio4r (>= 0.4.0)
    facter (1.6.17)
    httparty (0.10.0)
      multi_json (~> 1.0)
      multi_xml
    i18n (0.6.1)
    jdbc-postgres (9.2.1002)
    json (1.5.0-java)
    json-jruby (1.5.0-java)
      json (= 1.5.0)
    multi_json (1.5.0)
    multi_xml (0.5.2)
    nio4r (0.4.3-java)
    seed-fu (2.2.0)
      activerecord (~> 3.1)
      activesupport (~> 3.1)
    timers (1.0.2)
    tzinfo (0.3.35)

PLATFORMS
  java

DEPENDENCIES
  activerecord
  activerecord-jdbcpostgresql-adapter
  activerecord-postgresl-adapter
  activesupport
  celluloid
  celluloid-io
  httparty
  json-jruby
  pg
  seed-fu
